GEM
  specs:
    colorize (0.7.7)

PLATFORMS
  java
  ruby

DEPENDENCIES
  colorize
